GEM
  remote: https://rubygems.org/
  remote: http://gems.neurogami.com/
  specs:
    builder (3.2.2)
    hoe (3.11.0)
      rake (>= 0.8, < 11.0)
    monkeybars (1.3.1)
      rawr (>= 1.6.5)
      swingset (>= 0.4.2)
    rake (10.3.1)
    rawr (1.7.0)
      rubyzip
      user-choices
    rubyzip (1.1.3)
    s4t-utils (1.0.4)
      hoe (>= 1.3.0)
    swingset (0.4.2)
    user-choices (1.1.6.1)
      builder (>= 2.1.2)
      s4t-utils (>= 1.0.3)
      xml-simple (>= 1.0.11)
    xml-simple (1.1.3)

PLATFORMS
  java

DEPENDENCIES
  monkeybars
  rawr
